GEM
  remote: https://rubygems.org/
  specs:
    byebug (11.1.3)
    csv (3.1.9)
    date (3.1.3)
    nokogiri (1.11.3-x64-mingw32)
      racc (~> 1.4)
    open-uri (0.1.0)
      stringio
      time
      uri
    racc (1.5.2)
    stringio (3.0.1)
    time (0.1.0)
      date
    uri (0.10.1)

PLATFORMS
  x64-mingw32

DEPENDENCIES
  byebug
  csv
  nokogiri
  open-uri

BUNDLED WITH
   2.2.32
